GEM
  remote: http://rubygems.org/
  specs:
    sys-proctable (0.9.1-x86-mingw32)
    win32-api (1.4.8-x86-mingw32)

PLATFORMS
  x86-mingw32

DEPENDENCIES
  sys-proctable
  win32-api
