GEM
  remote: http://rubygems.org/
  specs:
    sys-proctable (0.9.1-x86-mingw32)

PLATFORMS
  x86-mingw32

DEPENDENCIES
  sys-proctable
